GEM
  remote: https://rubygems.org/
  specs:
    builder (3.2.2)
    mini_portile (0.6.2)
    nokogiri (1.6.6.2)
      mini_portile (~> 0.6.0)
    rbvmomi (1.8.2)
      builder
      nokogiri (>= 1.4.1)
      trollop
    thor (0.19.1)
    trollop (2.1.1)

PLATFORMS
  ruby

DEPENDENCIES
  rbvmomi
  thor
